GEM
  remote: https://rubygems.org/
  specs:
    colorize (0.8.1)
    daemons (1.2.5)

PLATFORMS
  ruby

DEPENDENCIES
  colorize
  daemons

BUNDLED WITH
   1.15.4
